PATH
  remote: .
  specs:
    mantisrb (0.1.0)
      builder (>= 2.1.2)
      bundler
      log4r
      nokogiri (~> 1.6.0)
      savon (~> 2.0)

GEM
  remote: http://rubygems.org/
  specs:
    akami (1.2.2)
      gyoku (>= 0.4.0)
      nokogiri
    builder (3.2.2)
    celluloid (0.16.0)
      timers (~> 4.0.0)
    coderay (1.1.0)
    diff-lcs (1.2.5)
    docile (1.1.5)
    ffi (1.9.6)
    ffi (1.9.6-x86-mingw32)
    formatador (0.2.5)
    growl (1.0.3)
    guard (2.6.1)
      formatador (>= 0.2.4)
      listen (~> 2.7)
      lumberjack (~> 1.0)
      pry (>= 0.9.12)
      thor (>= 0.18.1)
    guard-minitest (2.3.2)
      guard (~> 2.0)
      minitest (>= 3.0)
    guard-rake (0.0.9)
      guard
      rake
    gyoku (1.1.1)
      builder (>= 2.1.2)
    hitimes (1.2.2)
    hitimes (1.2.2-x86-mingw32)
    httpi (2.2.7)
      rack
    listen (2.7.11)
      celluloid (>= 0.15.2)
      rb-fsevent (>= 0.9.3)
      rb-inotify (>= 0.9)
    log4r (1.1.10)
    lumberjack (1.0.9)
    macaddr (1.7.1)
      systemu (~> 2.6.2)
    metaclass (0.0.4)
    method_source (0.8.2)
    mini_portile (0.6.0)
    minitest (5.4.2)
    mocha (1.1.0)
      metaclass (~> 0.0.1)
    multi_json (1.10.1)
    nokogiri (1.6.3.1)
      mini_portile (= 0.6.0)
    nokogiri (1.6.3.1-x86-mingw32)
      mini_portile (= 0.6.0)
    nori (2.4.0)
    pry (0.10.1)
      coderay (~> 1.1.0)
      method_source (~> 0.8.1)
      slop (~> 3.4)
    pry (0.10.1-x86-mingw32)
      coderay (~> 1.1.0)
      method_source (~> 0.8.1)
      slop (~> 3.4)
      win32console (~> 1.3)
    rack (1.5.2)
    rake (10.3.2)
    rb-fchange (0.0.6)
      ffi
    rb-fsevent (0.9.4)
    rb-inotify (0.9.5)
      ffi (>= 0.5.0)
    rb-notifu (0.0.4)
    rdiscount (2.1.7.1)
    rspec (3.1.0)
      rspec-core (~> 3.1.0)
      rspec-expectations (~> 3.1.0)
      rspec-mocks (~> 3.1.0)
    rspec-core (3.1.7)
      rspec-support (~> 3.1.0)
    rspec-expectations (3.1.2)
      diff-lcs (>= 1.2.0, < 2.0)
      rspec-support (~> 3.1.0)
    rspec-mocks (3.1.3)
      rspec-support (~> 3.1.0)
    rspec-support (3.1.2)
    savon (2.7.2)
      akami (~> 1.2.0)
      builder (>= 2.1.2)
      gyoku (~> 1.1.0)
      httpi (~> 2.2.3)
      nokogiri (>= 1.4.0)
      nori (~> 2.4.0)
      uuid (~> 2.3.7)
      wasabi (~> 3.3.0)
    savon_spec (0.1.6)
      mocha (>= 0.9.8)
      rspec (>= 2.0.0)
      savon (>= 0.8.0)
    simplecov (0.9.1)
      docile (~> 1.1.0)
      multi_json (~> 1.0)
      simplecov-html (~> 0.8.0)
    simplecov-html (0.8.0)
    slop (3.6.0)
    systemu (2.6.4)
    thor (0.19.1)
    timers (4.0.1)
      hitimes
    uuid (2.3.7)
      macaddr (~> 1.0)
    wasabi (3.3.1)
      httpi (~> 2.0)
      nokogiri (>= 1.4.0)
    win32console (1.3.2-x86-mingw32)
    yard (0.8.7.4)

PLATFORMS
  ruby
  x86-mingw32

DEPENDENCIES
  growl
  guard
  guard-minitest
  guard-rake
  mantisrb!
  minitest (>= 2.5.0)
  pry (>= 0.9.5)
  rake
  rb-fchange
  rb-fsevent
  rb-notifu
  rdiscount
  savon_spec
  simplecov (>= 0.5.2)
  yard
